PATH
  remote: /home/dave/work/plugins/devise_paypal
  specs:
    devise_paypal (0.0.1)

PATH
  remote: /home/dave/work/plugins/paypal
  specs:
    paypal-ipn (0.0.1)
      httparty (>= 0.6.1)

GEM
  remote: http://rubygems.org/
  specs:
    abstract (1.0.0)
    actionmailer (3.0.0)
      actionpack (= 3.0.0)
      mail (~> 2.2.5)
    actionpack (3.0.0)
      activemodel (= 3.0.0)
      activesupport (= 3.0.0)
      builder (~> 2.1.2)
      erubis (~> 2.6.6)
      i18n (~> 0.4.1)
      rack (~> 1.2.1)
      rack-mount (~> 0.6.12)
      rack-test (~> 0.5.4)
      tzinfo (~> 0.3.23)
    activemodel (3.0.0)
      activesupport (= 3.0.0)
      builder (~> 2.1.2)
      i18n (~> 0.4.1)
    activerecord (3.0.0)
      activemodel (= 3.0.0)
      activesupport (= 3.0.0)
      arel (~> 1.0.0)
      tzinfo (~> 0.3.23)
    activeresource (3.0.0)
      activemodel (= 3.0.0)
      activesupport (= 3.0.0)
    activesupport (3.0.0)
    arel (1.0.1)
      activesupport (~> 3.0.0)
    bcrypt-ruby (2.1.2)
    builder (2.1.2)
    capybara (0.3.9)
      culerity (>= 0.2.4)
      mime-types (>= 1.16)
      nokogiri (>= 1.3.3)
      rack (>= 1.0.0)
      rack-test (>= 0.5.4)
      selenium-webdriver (>= 0.0.3)
    childprocess (0.0.7)
      ffi (~> 0.6.3)
    crack (0.1.8)
    cucumber (0.8.5)
      builder (~> 2.1.2)
      diff-lcs (~> 1.1.2)
      gherkin (~> 2.1.4)
      json_pure (~> 1.4.3)
      term-ansicolor (~> 1.0.4)
    cucumber-rails (0.3.2)
      cucumber (>= 0.8.0)
    culerity (0.2.12)
    devise (1.2.rc)
      bcrypt-ruby (~> 2.1.2)
      warden (~> 1.0.0)
    diff-lcs (1.1.2)
    erubis (2.6.6)
      abstract (>= 1.0.0)
    fakeweb (1.3.0)
    ffi (0.6.3)
      rake (>= 0.8.7)
    gherkin (2.1.5)
      trollop (~> 1.16.2)
    httparty (0.6.1)
      crack (= 0.1.8)
    i18n (0.4.1)
    json_pure (1.4.6)
    mail (2.2.7)
      activesupport (>= 2.3.6)
      mime-types
      treetop (>= 1.4.5)
    mime-types (1.16)
    nokogiri (1.4.3.1)
    pickle (0.4.2)
      cucumber (>= 0.8)
      rake
      rspec (>= 1.3)
      yard
    polyglot (0.3.1)
    rack (1.2.1)
    rack-mount (0.6.13)
      rack (>= 1.0.0)
    rack-test (0.5.6)
      rack (>= 1.0)
    rails (3.0.0)
      actionmailer (= 3.0.0)
      actionpack (= 3.0.0)
      activerecord (= 3.0.0)
      activeresource (= 3.0.0)
      activesupport (= 3.0.0)
      bundler (~> 1.0.0)
      railties (= 3.0.0)
    railties (3.0.0)
      actionpack (= 3.0.0)
      activesupport (= 3.0.0)
      rake (>= 0.8.4)
      thor (~> 0.14.0)
    rake (0.8.7)
    rspec (2.0.0.rc)
      rspec-core (= 2.0.0.rc)
      rspec-expectations (= 2.0.0.rc)
      rspec-mocks (= 2.0.0.rc)
    rspec-core (2.0.0.rc)
    rspec-expectations (2.0.0.rc)
      diff-lcs (>= 1.1.2)
    rspec-mocks (2.0.0.rc)
      rspec-core (= 2.0.0.rc)
      rspec-expectations (= 2.0.0.rc)
    rubyzip (0.9.4)
    selenium-webdriver (0.0.29)
      childprocess (>= 0.0.7)
      ffi (~> 0.6.3)
      json_pure
      rubyzip
    sqlite3-ruby (1.3.1)
    term-ansicolor (1.0.5)
    thor (0.14.3)
    treetop (1.4.8)
      polyglot (>= 0.3.1)
    trollop (1.16.2)
    tzinfo (0.3.23)
    warden (1.0.0)
      rack (>= 1.0.0)
    yard (0.6.1)

PLATFORMS
  ruby

DEPENDENCIES
  capybara
  cucumber-rails
  devise (= 1.2.rc)
  devise_paypal!
  fakeweb
  paypal-ipn!
  pickle
  rails (= 3.0.0)
  sqlite3-ruby
